GEM
  remote: http://rubygems.org/
  specs:
    curb (0.7.9)
    json_pure (1.4.6)
    rack (1.2.1)
    sinatra (1.1.2)
      rack (~> 1.1)
      tilt (~> 1.2)
    tilt (1.2.1)

PLATFORMS
  ruby

DEPENDENCIES
  curb
  json_pure
  sinatra
